GEM
  remote: http://rubygems.org/
  specs:
    ffi (1.0.11)
    guard (1.0.0)
      ffi (>= 0.5.0)
      thor (~> 0.14.6)
    guard-haml (0.3.2)
      guard (>= 0.4)
      haml (>= 3.0)
    guard-sass (0.5.4)
      guard (>= 0.4.0)
      sass (>= 3.1)
    haml (3.1.4)
    sass (3.1.15)
    thor (0.14.6)

PLATFORMS
  ruby

DEPENDENCIES
  guard
  guard-haml
  guard-sass
  haml
